GEM
  remote: https://rubygems.org/
  specs:
    rails_autoscale_agent (0.10.2)

PLATFORMS
  ruby

DEPENDENCIES
  rails_autoscale_agent

BUNDLED WITH
   2.1.4
